GEM
  remote: https://rubygems.org/
  specs:
    netaddr (2.0.4)

PLATFORMS
  ruby

DEPENDENCIES
  netaddr

BUNDLED WITH
   1.17.3
