GEM
  remote: https://rubygems.org/
  specs:
    io-console (0.5.5)
    irb (1.2.3)
      reline (>= 0.0.1)
    netaddr (2.0.4)
    reline (0.1.3)
      io-console (~> 0.5)

PLATFORMS
  ruby

DEPENDENCIES
  irb
  netaddr

BUNDLED WITH
   1.17.3
